GEM
  remote: https://rubygems.org/
  specs:
    mysql2 (0.4.4)
    rack (1.6.4)
    sinatra (1.1.0)
      rack (~> 1.1)
      tilt (~> 1.1)
    tilt (1.4.1)

PLATFORMS
  ruby

DEPENDENCIES
  mysql2
  sinatra (= 1.1.0)

RUBY VERSION
   ruby 2.0.0p648

BUNDLED WITH
   1.12.5
