GEM
  remote: https://rubygems.org/
  specs:
    addressable (2.4.0)
    api-ai-ruby (1.1.4)
      http (~> 0.9.4)
    domain_name (0.5.20160826)
      unf (>= 0.0.5, < 1.0.0)
    http (0.9.9)
      addressable (~> 2.3)
      http-cookie (~> 1.0)
      http-form_data (~> 1.0.1)
      http_parser.rb (~> 0.6.0)
    http-cookie (1.0.2)
      domain_name (~> 0.5)
    http-form_data (1.0.1)
    http_parser.rb (0.6.0)
    httparty (0.14.0)
      multi_xml (>= 0.5.2)
    multi_xml (0.5.5)
    mysql2 (0.4.4)
    rack (1.6.4)
    sinatra (1.1.0)
      rack (~> 1.1)
      tilt (~> 1.1)
    tilt (1.4.1)
    unf (0.1.4)
      unf_ext
    unf_ext (0.0.7.2)

PLATFORMS
  ruby

DEPENDENCIES
  api-ai-ruby
  httparty
  mysql2
  sinatra (= 1.1.0)

RUBY VERSION
   ruby 2.0.0p648

BUNDLED WITH
   1.12.5
